GIT
  remote: git://github.com/karolsarnacki/ruby-proxifier.git
  revision: 5d91c25aedf85aac4a3e383e67f152416d79a597
  specs:
    proxifier (1.0.4)

PATH
  remote: .
  specs:
    whatsapp (0.1.0)
      activesupport
      httmultiparty (~> 0.3.10)
      httparty (~> 0.11.0)
      pbkdf2-peter_v (~> 0.1.2)
      proxifier (~> 1.0.3)
      ruby-rc4 (~> 0.1.5)

GEM
  remote: https://rubygems.org/
  specs:
    activesupport (4.1.6)
      i18n (~> 0.6, >= 0.6.9)
      json (~> 1.7, >= 1.7.7)
      minitest (~> 5.1)
      thread_safe (~> 0.1)
      tzinfo (~> 1.1)
    diff-lcs (1.2.5)
    httmultiparty (0.3.16)
      httparty (>= 0.7.3)
      mimemagic
      multipart-post
    httparty (0.11.0)
      multi_json (~> 1.0)
      multi_xml (>= 0.5.2)
    i18n (0.6.11)
    json (1.8.1)
    mimemagic (0.2.1)
    minitest (5.4.2)
    multi_json (1.10.1)
    multi_xml (0.5.5)
    multipart-post (2.0.0)
    pbkdf2-peter_v (0.1.2)
    rake (10.3.2)
    rspec (3.1.0)
      rspec-core (~> 3.1.0)
      rspec-expectations (~> 3.1.0)
      rspec-mocks (~> 3.1.0)
    rspec-core (3.1.5)
      rspec-support (~> 3.1.0)
    rspec-expectations (3.1.2)
      diff-lcs (>= 1.2.0, < 2.0)
      rspec-support (~> 3.1.0)
    rspec-mocks (3.1.2)
      rspec-support (~> 3.1.0)
    rspec-support (3.1.1)
    ruby-rc4 (0.1.5)
    thread_safe (0.3.4)
    tzinfo (1.2.2)
      thread_safe (~> 0.1)

PLATFORMS
  ruby

DEPENDENCIES
  bundler (~> 1.7)
  proxifier!
  rake (~> 10.0)
  rspec
  whatsapp!
